GEM
  remote: https://rubygems.org/
  specs:
    mini_portile (0.6.2)
    naturalsorter (3.0.11)
    nokogiri (1.6.6.2)
      mini_portile (~> 0.6.0)

PLATFORMS
  ruby

DEPENDENCIES
  naturalsorter
  nokogiri

BUNDLED WITH
   1.10.6
